GEM
  remote: https://rubygems.org/
  specs:
    activemodel (4.1.2)
      activesupport (= 4.1.2)
      builder (~> 3.1)
    activerecord (4.1.2)
      activemodel (= 4.1.2)
      activesupport (= 4.1.2)
      arel (~> 5.0.0)
    activesupport (4.1.2)
      i18n (~> 0.6, >= 0.6.9)
      json (~> 1.7, >= 1.7.7)
      minitest (~> 5.1)
      thread_safe (~> 0.1)
      tzinfo (~> 1.1)
    arel (5.0.1.20140414130214)
    backports (3.6.0)
    bond (0.5.1)
    builder (3.2.2)
    daemons (1.1.9)
    eventmachine (1.0.3)
    hashie (2.1.2)
    i18n (0.6.9)
    jsmin (1.0.1)
    json (1.8.1)
    minitest (5.3.5)
    multi_json (1.10.1)
    omniauth (1.2.1)
      hashie (>= 1.2, < 3)
      rack (~> 1.0)
    omniauth-google-apps (0.1.0)
      omniauth (~> 1.0)
      omniauth-openid (~> 1.0)
      ruby-openid (~> 2.3.0)
      ruby-openid-apps-discovery (~> 1.2.0)
    omniauth-openid (1.0.1)
      omniauth (~> 1.0)
      rack-openid (~> 1.3.1)
    pg (0.17.1)
    rack (1.5.2)
    rack-openid (1.3.1)
      rack (>= 1.1.0)
      ruby-openid (>= 2.1.8)
    rack-protection (1.5.3)
      rack
    rack-test (0.6.2)
      rack (>= 1.0)
    ripl (0.7.1)
      bond (~> 0.5.1)
    ripl-multi_line (0.3.1)
      ripl (>= 0.3.6)
    ripl-rack (0.2.1)
      rack (>= 1.0)
      rack-test (~> 0.6.2)
      ripl (>= 0.7.0)
    ruby-openid (2.3.0)
    ruby-openid-apps-discovery (1.2.0)
      ruby-openid (>= 2.1.7)
    sass (3.3.9)
    sinatra (1.4.5)
      rack (~> 1.4)
      rack-protection (~> 1.4)
      tilt (~> 1.3, >= 1.3.4)
    sinatra-activerecord (2.0.2)
      activerecord (>= 3.2)
      sinatra (~> 1.0)
    sinatra-assetpack (0.3.3)
      jsmin
      rack-test
      sinatra
      tilt (>= 1.3.0, < 2.0)
    sinatra-contrib (1.4.2)
      backports (>= 2.0)
      multi_json
      rack-protection
      rack-test
      sinatra (~> 1.4.0)
      tilt (~> 1.3)
    sinatra-flash (0.3.0)
      sinatra (>= 1.0.0)
    sinatra-google-auth (1.3.0)
      omniauth-google-apps
      ruby-openid
    sinatra-redirect-with-flash (0.2.1)
      sinatra (>= 1.0.0)
    sqlite3 (1.3.9)
    thin (1.6.2)
      daemons (>= 1.0.9)
      eventmachine (>= 1.0.0)
      rack (>= 1.0.0)
    thread_safe (0.3.4)
    tilt (1.4.1)
    tux (0.3.0)
      ripl (>= 0.3.5)
      ripl-multi_line (>= 0.2.4)
      ripl-rack (>= 0.2.0)
      sinatra (>= 1.2.1)
    tzinfo (1.2.1)
      thread_safe (~> 0.1)

PLATFORMS
  ruby

DEPENDENCIES
  activerecord
  pg
  sass
  sinatra
  sinatra-activerecord
  sinatra-assetpack
  sinatra-contrib
  sinatra-flash
  sinatra-google-auth
  sinatra-redirect-with-flash
  sqlite3
  thin
  tux
